PATH
  remote: .
  specs:
    sancho (0.4.0)

GEM
  remote: https://rubygems.org/
  specs:
    minitest (5.22.2)
    rack (3.0.9.1)
    rackup (2.1.0)
      rack (>= 3)
      webrick (~> 1.8)
    rake (13.1.0)
    webrick (1.8.1)

PLATFORMS
  arm64-darwin-23
  x64-mingw32
  x86_64-linux

DEPENDENCIES
  minitest (~> 5.22)
  rack (~> 3.0)
  rackup
  rake (~> 13.1)
  sancho!

BUNDLED WITH
   2.4.5
